PATH
  remote: gems/sshkit-1.11.5
  specs:
    sshkit (1.11.5)
      net-scp (>= 1.1.2)
      net-ssh (>= 2.8.0)

GEM
  remote: https://rubygems.org/
  specs:
    net-scp (1.2.1)
      net-ssh (>= 2.6.5)
    net-ssh (4.0.1)

PLATFORMS
  ruby

DEPENDENCIES
  sshkit!

BUNDLED WITH
   1.13.7
